GEM
  remote: https://rubygems.org/
  specs:
    builder (3.2.4)
    coderay (1.1.3)
    method_source (1.0.0)
    nokogiri (1.12.4-x86_64-darwin)
      racc (~> 1.4)
    pry (0.14.1)
      coderay (~> 1.1)
      method_source (~> 1.0)
    racc (1.5.2)
    ruby_kml (0.1.7)
      builder
      nokogiri

PLATFORMS
  x86_64-darwin-20

DEPENDENCIES
  pry
  ruby_kml

BUNDLED WITH
   2.2.3
